GIT
  remote: git://github.com/10to1/spreadsheet_on_rails.git
  revision: 2cc6b478eca18afcfe5a6a3cdefde45b2ae08113
  specs:
    spreadsheet_on_rails (1.0.0)
      rails (>= 3.0.1)
      spreadsheet (~> 1.0.0)

GIT
  remote: git://github.com/paneq/calendar_date_select.git
  revision: 977048211b94599fe0f08eb37a481f3d69df48f6
  specs:
    calendar_date_select (1.16.2)

GIT
  remote: git://github.com/rails/prototype_legacy_helper.git
  revision: a2cd95c3e3c1a4f7a9566efdab5ce59c886cb05f
  specs:
    prototype_legacy_helper (0.0.0)

PATH
  remote: C:/Proyectos/Gong-R/SRC/plugins/webservice
  specs:
    webservice (2.50dev)
      oj
      rabl
      rack-cors
      rails (~> 3.2.9)
      swagger-blocks

GEM
  remote: https://rubygems.org/
  specs:
    actionmailer (3.2.22.5)
      actionpack (= 3.2.22.5)
      mail (~> 2.5.4)
    actionpack (3.2.22.5)
      activemodel (= 3.2.22.5)
      activesupport (= 3.2.22.5)
      builder (~> 3.0.0)
      erubis (~> 2.7.0)
      journey (~> 1.0.4)
      rack (~> 1.4.5)
      rack-cache (~> 1.2)
      rack-test (~> 0.6.1)
      sprockets (~> 2.2.1)
    activemodel (3.2.22.5)
      activesupport (= 3.2.22.5)
      builder (~> 3.0.0)
    activerecord (3.2.22.5)
      activemodel (= 3.2.22.5)
      activesupport (= 3.2.22.5)
      arel (~> 3.0.2)
      tzinfo (~> 0.3.29)
    activeresource (3.2.22.5)
      activemodel (= 3.2.22.5)
      activesupport (= 3.2.22.5)
    activesupport (3.2.22.5)
      i18n (~> 0.6, >= 0.6.4)
      multi_json (~> 1.0)
    ajax-chosen-rails (0.2.3)
      chosen-rails_ffcrm
      railties
      thor
    arel (3.0.3)
    builder (3.0.4)
    byebug (9.1.0)
    chosen-rails (1.5.2)
      coffee-rails (>= 3.2)
      railties (>= 3.0)
      sass-rails (>= 3.2)
    chosen-rails_ffcrm (0.9.5)
      railties (~> 3.0)
      thor (~> 0.14)
    climate_control (0.2.0)
    cocaine (0.5.8)
      climate_control (>= 0.0.3, < 1.0)
    coffee-rails (3.2.2)
      coffee-script (>= 2.2.0)
      railties (~> 3.2.0)
    coffee-script (2.4.1)
      coffee-script-source
      execjs
    coffee-script-source (1.12.2)
    concurrent-ruby (1.0.5)
    daemons (1.2.5)
    dav4rack (0.3.0)
      nokogiri (>= 1.4.2)
      rack (>= 1.1.0)
      uuidtools (~> 2.1.1)
    docx_builder (0.3.8)
      nokogiri (>= 1.5.2)
      rmagick (>= 2.12.2)
      rubyzip (>= 1.0.0)
    doorkeeper (1.4.0)
      railties (>= 3.1)
    erubis (2.7.0)
    eventmachine (1.2.5-x64-mingw32)
    execjs (2.7.0)
    fast_gettext (1.5.1)
    ffaker (2.7.0)
    ffi (1.9.18-x64-mingw32)
    galetahub-simple_captcha (0.1.5)
    gettext (3.2.4)
      locale (>= 2.0.5)
      text (>= 1.3.0)
    gettext_i18n_rails (1.8.0)
      fast_gettext (>= 0.9.0)
    hike (1.2.3)
    i18n (0.9.1)
      concurrent-ruby (~> 1.0)
    journey (1.0.4)
    json (1.8.6)
    locale (2.1.2)
    mail (2.5.5)
      mime-types (~> 1.16)
      treetop (~> 1.4.8)
    mime-types (1.25.1)
    mini_portile2 (2.3.0)
    multi_json (1.12.2)
    mysql2 (0.3.21-x64-mingw32)
    nokogiri (1.8.1-x64-mingw32)
      mini_portile2 (~> 2.3.0)
    numbers_and_words (0.11.2)
      i18n
    oj (3.3.9)
    paperclip (3.5.4)
      activemodel (>= 3.0.0)
      activesupport (>= 3.0.0)
      cocaine (~> 0.5.3)
      mime-types
    polyglot (0.3.5)
    power_assert (1.1.1)
    prototype-rails (3.2.1)
      rails (~> 3.2)
    rabl (0.13.1)
      activesupport (>= 2.3.14)
    rack (1.4.7)
    rack-cache (1.7.1)
      rack (>= 0.4)
    rack-cors (1.0.2)
    rack-ssl (1.3.4)
      rack
    rack-test (0.6.3)
      rack (>= 1.0)
    rails (3.2.22.5)
      actionmailer (= 3.2.22.5)
      actionpack (= 3.2.22.5)
      activerecord (= 3.2.22.5)
      activeresource (= 3.2.22.5)
      activesupport (= 3.2.22.5)
      bundler (~> 1.0)
      railties (= 3.2.22.5)
    rails-i18n (3.0.1)
      i18n (~> 0.5)
      rails (>= 3.0.0, < 4.0.0)
    railties (3.2.22.5)
      actionpack (= 3.2.22.5)
      activesupport (= 3.2.22.5)
      rack-ssl (~> 1.3.2)
      rake (>= 0.8.7)
      rdoc (~> 3.4)
      thor (>= 0.14.6, < 2.0)
    rake (12.3.0)
    rb-fsevent (0.10.2)
    rb-inotify (0.9.10)
      ffi (>= 0.5.0, < 2)
    rdoc (3.12.2)
      json (~> 1.4)
    rmagick (2.16.0)
    ruby-ole (1.2.12.1)
    rubyzip (1.2.1)
    sass (3.5.3)
      sass-listen (~> 4.0.0)
    sass-listen (4.0.0)
      rb-fsevent (~> 0.9, >= 0.9.4)
      rb-inotify (~> 0.9, >= 0.9.7)
    sass-rails (3.2.6)
      railties (~> 3.2.0)
      sass (>= 3.1.10)
      tilt (~> 1.3)
    seed_dump (3.1.0)
      activerecord
      activesupport
    shrimp (0.0.6)
      json
    spreadsheet (1.0.9)
      ruby-ole (>= 1.0)
    sprockets (2.2.3)
      hike (~> 1.2)
      multi_json (~> 1.0)
      rack (~> 1.0)
      tilt (~> 1.1, != 1.3.0)
    swagger-blocks (2.0.2)
    test-unit (3.2.6)
      power_assert
    text (1.3.1)
    thin (1.7.2)
      daemons (~> 1.0, >= 1.0.9)
      eventmachine (~> 1.0, >= 1.0.4)
      rack (>= 1, < 3)
    thor (0.20.0)
    tilt (1.4.1)
    tinymce-rails (3.5.8.3)
      railties (>= 3.1.1)
    tinymce-rails-imageupload (3.5.8.6)
      railties (>= 3.1)
      tinymce-rails (~> 3.5.8.1)
    tinymce-rails-langs (3.20140129)
      tinymce-rails (~> 3.5, >= 3.5.8.3)
    treetop (1.4.15)
      polyglot
      polyglot (>= 0.3.1)
    tzinfo (0.3.53)
    uglifier (3.2.0)
      execjs (>= 0.3.0, < 3)
    uuidtools (2.1.5)
    will_paginate (3.1.6)

PLATFORMS
  x64-mingw32

DEPENDENCIES
  ajax-chosen-rails
  byebug
  calendar_date_select!
  chosen-rails
  coffee-rails (~> 3.2.2)
  dav4rack
  docx_builder
  doorkeeper (= 1.4.0)
  execjs
  fast_gettext
  ffaker
  galetahub-simple_captcha
  gettext
  gettext_i18n_rails
  i18n
  json
  mysql2 (~> 0.3.21)
  nokogiri
  numbers_and_words
  oj
  paperclip (~> 3.5)
  prototype-rails (~> 3.2.1)
  prototype_legacy_helper (= 0.0.0)!
  rabl
  rack-cache
  rails (= 3.2.22.5)
  rails-i18n (~> 3)
  rubysl-pty
  rubyzip
  sass-rails (~> 3.2.6)
  seed_dump
  shrimp
  spreadsheet
  spreadsheet_on_rails!
  swagger-blocks
  test-unit
  thin
  tinymce-rails (= 3.5.8.3)
  tinymce-rails-imageupload (~> 3.5)
  tinymce-rails-langs (~> 3)
  uglifier
  web-console-rails3
  webservice!
  will_paginate (~> 3.1)

BUNDLED WITH
   1.15.3
